GEM
  remote: https://rubygems.org/
  specs:
    ceedling (0.13.0)
      rake (>= 0.8.7)
      thor (>= 0.14.5)
    rake (10.0.4)
    thor (0.18.1)

PLATFORMS
  ruby

DEPENDENCIES
  ceedling (~> 0.13.0)
