GEM
  remote: https://rubygems.org/
  specs:
    ast (1.0.2)
    parser (2.0.0.beta3)
      ast (~> 1.0)
      slop (~> 3.4)
    rainbow (1.1.4)
    rake (10.0.4)
    rubocop (0.8.1)
      parser (>= 2.0.0.beta1, <= 2.0.0)
      rainbow (>= 1.1.4)
    slop (3.4.5)

PLATFORMS
  ruby

DEPENDENCIES
  rake (~> 10.0.4)
  rubocop
